GEM
  remote: http://rubygems.org/
  specs:
    addressable (2.2.6)
    em-http-request (1.0.0)
      addressable (>= 2.2.3)
      em-socksify
      eventmachine (>= 1.0.0.beta.3)
      http_parser.rb (>= 0.5.2)
    em-socksify (0.1.0)
      eventmachine
    eventmachine (1.0.0.beta.4)
    eventmachine_httpserver (0.2.1)
    foreman (0.22.0)
      term-ansicolor (~> 1.0.5)
      thor (>= 0.13.6)
    http_parser.rb (0.5.2)
    rack (1.3.3)
    term-ansicolor (1.0.6)
    thor (0.14.6)

PLATFORMS
  ruby

DEPENDENCIES
  em-http-request
  eventmachine
  eventmachine_httpserver
  foreman
  rack
